GEM
  remote: https://rubygems.org/
  specs:
    connection_pool (2.2.5)
    mustermann (2.0.2)
      ruby2_keywords (~> 0.0.1)
    rack (2.2.4)
    rack-protection (2.2.2)
      rack
    redis (5.0.2)
      redis-client (~> 0.7)
    redis-client (0.7.1)
      connection_pool
    ruby2_keywords (0.0.5)
    sinatra (2.2.2)
      mustermann (~> 2.0)
      rack (~> 2.2)
      rack-protection (= 2.2.2)
      tilt (~> 2.0)
    tilt (2.0.11)
    webrick (1.7.0)

PLATFORMS
  x86_64-linux

DEPENDENCIES
  redis
  sinatra
  webrick

BUNDLED WITH
   2.3.7
